PATH
  remote: .
  specs:
    picky (4.31.3)
      activesupport
      multi_json (~> 1.3)
      rack_fast_escape (~> 2009.0)

GEM
  remote: https://rubygems.org/
  specs:
    activemodel (7.0.3.1)
      activesupport (= 7.0.3.1)
    activerecord (7.0.3.1)
      activemodel (= 7.0.3.1)
      activesupport (= 7.0.3.1)
    activesupport (7.0.3.1)
      concurrent-ruby (~> 1.0, >= 1.0.2)
      i18n (>= 1.6, < 2)
      minitest (>= 5.1)
      tzinfo (~> 2.0)
    concurrent-ruby (1.1.10)
    coverband (1.0.2)
      json
      redis
      simplecov
    diff-lcs (1.2.5)
    docile (1.1.5)
    domain_name (0.5.24)
      unf (>= 0.0.5, < 1.0.0)
    fast-stemmer (1.0.2)
    ffi (1.9.10)
    google_hash (0.8.8)
      sane (~> 0)
    highline (1.7.2)
    hiredis (0.6.0)
    http-cookie (1.0.2)
      domain_name (~> 0.5)
    i18n (1.11.0)
      concurrent-ruby (~> 1.0)
    json (1.8.6)
    mime-types (2.6.1)
    minitest (5.16.2)
    multi_json (1.11.2)
    netrc (0.10.3)
    os (0.9.6)
    picky-client (4.27.1)
      activesupport
      yajl-ruby (~> 1.2)
    pippi (0.0.14)
    procrastinate (0.6.0)
      state_machine (~> 1.1)
    rack (1.6.4)
    rack-mount (0.8.3)
      rack (>= 1.0.0)
    rack-protection (1.5.3)
      rack
    rack_fast_escape (2009.06.24)
      url_escape
    rake (10.4.2)
    rake-compiler (0.9.5)
      rake
    redis (3.2.1)
    rest-client (1.8.0)
      http-cookie (>= 1.0.2, < 2.0)
      mime-types (>= 1.16, < 3.0)
      netrc (~> 0.7)
    rspec (3.3.0)
      rspec-core (~> 3.3.0)
      rspec-expectations (~> 3.3.0)
      rspec-mocks (~> 3.3.0)
    rspec-core (3.3.1)
      rspec-support (~> 3.3.0)
    rspec-expectations (3.3.0)
      diff-lcs (>= 1.2.0, < 2.0)
      rspec-support (~> 3.3.0)
    rspec-mocks (3.3.1)
      diff-lcs (>= 1.2.0, < 2.0)
      rspec-support (~> 3.3.0)
    rspec-support (3.3.0)
    ruby-stemmer (0.9.6)
    sane (0.25.8)
      os (~> 0)
    simplecov (0.10.0)
      docile (~> 1.1.0)
      json (~> 1.8)
      simplecov-html (~> 0.10.0)
    simplecov-html (0.10.0)
    sinatra (1.4.6)
      rack (~> 1.4)
      rack-protection (~> 1.4)
      tilt (>= 1.3, < 3)
    sqlite3 (1.3.10)
    stackprof (0.2.7)
    state_machine (1.2.0)
    text (1.3.1)
    tilt (2.0.1)
    tzinfo (2.0.4)
      concurrent-ruby (~> 1.0)
    unf (0.1.4)
      unf_ext
    unf_ext (0.0.7.1)
    url_escape (2009.06.24)
    uuidtools (2.1.5)
    www-delicious (0.4.0)
    yajl-ruby (1.2.1)

PLATFORMS
  ruby

DEPENDENCIES
  activerecord
  coverband
  fast-stemmer
  ffi
  google_hash
  highline
  hiredis
  picky!
  picky-client
  pippi
  procrastinate
  rack
  rack-mount
  rake
  rake-compiler
  redis
  rest-client
  rspec
  ruby-stemmer
  simplecov
  sinatra
  sqlite3
  stackprof
  text
  uuidtools
  www-delicious

BUNDLED WITH
   1.10.5
