PATH
  remote: .
  specs:
    picky (4.31.3)
      activesupport
      multi_json (~> 1.3)

GEM
  remote: https://rubygems.org/
  specs:
    activemodel (7.0.4.1)
      activesupport (= 7.0.4.1)
    activerecord (7.0.4.1)
      activemodel (= 7.0.4.1)
      activesupport (= 7.0.4.1)
    activesupport (7.0.4.1)
      concurrent-ruby (~> 1.0, >= 1.0.2)
      i18n (>= 1.6, < 2)
      minitest (>= 5.1)
      tzinfo (~> 2.0)
    concurrent-ruby (1.1.10)
    coverband (1.0.2)
      json
      redis
      simplecov
    diff-lcs (1.2.5)
    docile (1.1.5)
    domain_name (0.5.24)
      unf (>= 0.0.5, < 1.0.0)
    fast-stemmer (1.0.2)
    ffi (1.17.2)
    highline (3.1.2)
      reline
    hiredis (0.6.3)
    http-accept (1.7.0)
    http-cookie (1.0.8)
      domain_name (~> 0.5)
    i18n (1.12.0)
      concurrent-ruby (~> 1.0)
    json (1.8.6)
    mime-types (2.6.1)
    minitest (5.17.0)
    multi_json (1.11.2)
    netrc (0.10.3)
    os (0.9.6)
    picky-client (4.27.1)
      activesupport
      yajl-ruby (~> 1.2)
    pippi (0.0.14)
    prism (1.4.0)
    procrastinate (0.6.0)
      state_machine (~> 1.1)
    racc (1.8.1)
    rack (3.1.13)
    rack-mount (0.8.3)
      rack (>= 1.0.0)
    rack-protection (4.1.1)
      base64 (>= 0.1.0)
      logger (>= 1.6.0)
      rack (>= 3.0.0, < 4)
    rack-session (2.1.0)
      base64 (>= 0.1.0)
      rack (>= 3.0.0)
    rainbow (3.1.1)
    rake (13.2.1)
    rake-compiler (1.3.0)
      rake
    redis (5.4.0)
      redis-client (>= 0.22.0)
    redis-client (0.24.0)
      connection_pool
    regexp_parser (2.10.0)
    reline (0.6.1)
      io-console (~> 0.5)
    rest-client (2.1.0)
      http-accept (>= 1.7.0, < 2.0)
      http-cookie (>= 1.0.2, < 2.0)
      mime-types (>= 1.16, < 4.0)
      netrc (~> 0.8)
    rspec (3.13.0)
      rspec-core (~> 3.13.0)
      rspec-expectations (~> 3.13.0)
      rspec-mocks (~> 3.13.0)
    rspec-core (3.13.3)
      rspec-support (~> 3.13.0)
    rspec-expectations (3.13.3)
      diff-lcs (>= 1.2.0, < 2.0)
      rspec-support (~> 3.13.0)
    rspec-mocks (3.13.2)
      diff-lcs (>= 1.2.0, < 2.0)
      rspec-support (~> 3.13.0)
    rspec-support (3.13.2)
    rubocop (1.75.2)
      json (~> 2.3)
      language_server-protocol (~> 3.17.0.2)
      lint_roller (~> 1.1.0)
      parallel (~> 1.10)
      parser (>= 3.3.0.2)
      rainbow (>= 2.2.2, < 4.0)
      regexp_parser (>= 2.9.3, < 3.0)
      rubocop-ast (>= 1.44.0, < 2.0)
      ruby-progressbar (~> 1.7)
      unicode-display_width (>= 2.4.0, < 4.0)
    rubocop-ast (1.44.1)
      parser (>= 3.3.7.2)
      prism (~> 1.4)
    ruby-progressbar (1.13.0)
    ruby-stemmer (3.0.0)
    ruby2_keywords (0.0.5)
    securerandom (0.4.1)
    simplecov (0.22.0)
      docile (~> 1.1)
      simplecov-html (~> 0.11)
      simplecov_json_formatter (~> 0.1)
    simplecov-html (0.13.1)
    simplecov_json_formatter (0.1.4)
    sinatra (4.1.1)
      logger (>= 1.6.0)
      mustermann (~> 3.0)
      rack (>= 3.0.0, < 4)
      rack-protection (= 4.1.1)
      rack-session (>= 2.0.0, < 3)
      tilt (~> 2.0)
    sqlite3 (2.6.0)
      mini_portile2 (~> 2.8.0)
    stackprof (0.2.27)
    state_machine (1.2.0)
    text (1.3.1)
    tilt (2.0.1)
    tzinfo (2.0.5)
      concurrent-ruby (~> 1.0)
    unf (0.1.4)
      unf_ext
    unf_ext (0.0.7.1)
    url_escape (2009.06.24)
    uuidtools (2.1.5)
    www-delicious (0.4.0)
    yajl-ruby (1.4.3)

PLATFORMS
  ruby

DEPENDENCIES
  activerecord
  coverband
  fast-stemmer
  ffi
  highline
  hiredis
  ostruct
  picky!
  picky-client
  pippi
  procrastinate
  rack
  rack-mount
  rake
  rake-compiler
  redis
  rest-client
  rspec
  rubocop
  ruby-stemmer
  simplecov
  sinatra
  sqlite3
  stackprof
  text
  uuidtools
  www-delicious

BUNDLED WITH
   2.6.8
