GEM
  remote: http://rubygems.org/
  specs:
    activemodel (3.2.22.5)
      activesupport (= 3.2.22.5)
      builder (~> 3.0.0)
    activerecord (3.2.22.5)
      activemodel (= 3.2.22.5)
      activesupport (= 3.2.22.5)
      arel (~> 3.0.2)
      tzinfo (~> 0.3.29)
    activesupport (3.2.22.5)
      i18n (~> 0.6, >= 0.6.4)
      multi_json (~> 1.0)
    arel (3.0.3)
    builder (3.0.4)
    concurrent-ruby (1.1.7)
    diff-lcs (1.4.4)
    i18n (0.9.5)
      concurrent-ruby (~> 1.0)
    multi_json (1.15.0)
    mustermann (1.1.1)
      ruby2_keywords (~> 0.0.1)
    mysql2 (0.5.3)
    procrastinate (0.6.0)
      state_machine (~> 1.1)
    rack (2.2.3)
    rack-protection (2.1.0)
      rack
    rack_fast_escape (2009.06.24)
      url_escape
    rake (13.0.1)
    redis (4.2.5)
    rspec (3.10.0)
      rspec-core (~> 3.10.0)
      rspec-expectations (~> 3.10.0)
      rspec-mocks (~> 3.10.0)
    rspec-core (3.10.0)
      rspec-support (~> 3.10.0)
    rspec-expectations (3.10.0)
      diff-lcs (>= 1.2.0, < 2.0)
      rspec-support (~> 3.10.0)
    rspec-mocks (3.10.0)
      diff-lcs (>= 1.2.0, < 2.0)
      rspec-support (~> 3.10.0)
    rspec-support (3.10.0)
    ruby2_keywords (0.0.2)
    sinatra (2.1.0)
      mustermann (~> 1.0)
      rack (~> 2.2)
      rack-protection (= 2.1.0)
      tilt (~> 2.0)
    sqlite3 (1.4.2)
    state_machine (1.2.0)
    text (1.3.1)
    tilt (2.0.10)
    tzinfo (0.3.58)
    url_escape (2009.06.24)
    yajl-ruby (1.4.1)

PLATFORMS
  ruby

DEPENDENCIES
  activerecord (~> 3)
  activesupport
  multi_json
  mysql2
  procrastinate (~> 0.4)
  rack
  rack_fast_escape (= 2009.06.24)
  rake
  redis
  rspec
  sinatra
  sqlite3
  text
  yajl-ruby

BUNDLED WITH
   2.1.4
