GEM
  remote: http://rubygems.org/
  specs:
    activesupport (3.2.9)
      i18n (~> 0.6)
      multi_json (~> 1.0)
    cod (0.5.0)
    i18n (0.6.1)
    multi_json (1.3.7)
    picky (4.9.0)
      activesupport (>= 3.0)
      multi_json
      rack_fast_escape
      text
    procrastinate (0.4.1)
      cod (~> 0.4)
      state_machine (~> 0.9.4)
    rack_fast_escape (2009.06.24)
      url_escape
    state_machine (0.9.4)
    text (1.2.1)
    url_escape (2009.06.24)
    yajl-ruby (1.4.3)

PLATFORMS
  ruby

DEPENDENCIES
  picky
  procrastinate
  yajl-ruby

BUNDLED WITH
   2.4.22
